GEM
  remote: http://rubygems.org/
  specs:
    coderay (1.1.1)
    crack (0.4.3)
      safe_yaml (~> 1.0.0)
    dotenv (2.2.1)
    httparty (0.15.6)
      multi_xml (>= 0.5.2)
    json (2.0.2)
    method_source (0.8.2)
    multi_xml (0.6.0)
    mustermann (1.0.0)
    pry (0.10.4)
      coderay (~> 1.1.0)
      method_source (~> 0.8.1)
      slop (~> 3.4)
    rack (2.0.3)
    rack-protection (2.0.0)
      rack
    ruby-pardot (1.1.0)
      crack
      httparty
    safe_yaml (1.0.4)
    sinatra (2.0.0)
      mustermann (~> 1.0)
      rack (~> 2.0)
      rack-protection (= 2.0.0)
      tilt (~> 2.0)
    sinatra-cross_origin (0.4.0)
    slop (3.6.0)
    tilt (2.0.8)
    woocommerce_api (1.4.0)
      httparty (~> 0.14, >= 0.14.0)
      json (~> 2.0, >= 2.0.0)

PLATFORMS
  ruby

DEPENDENCIES
  dotenv
  pry
  ruby-pardot
  sinatra
  sinatra-cross_origin
  woocommerce_api

RUBY VERSION
   ruby 2.4.1p111

BUNDLED WITH
   1.15.3
